GEM
  remote: http://rubygems.org/
  specs:
    actionview (4.2.5.1)
      activesupport (= 4.2.5.1)
      builder (~> 3.1)
      erubis (~> 2.7.0)
      rails-dom-testing (~> 1.0, >= 1.0.5)
      rails-html-sanitizer (~> 1.0, >= 1.0.2)
    activemodel (4.2.5.1)
      activesupport (= 4.2.5.1)
      builder (~> 3.1)
    activerecord (4.2.5.1)
      activemodel (= 4.2.5.1)
      activesupport (= 4.2.5.1)
      arel (~> 6.0)
    activesupport (4.2.5.1)
      i18n (~> 0.7)
      json (~> 1.7, >= 1.7.7)
      minitest (~> 5.1)
      thread_safe (~> 0.3, >= 0.3.4)
      tzinfo (~> 1.1)
    addressable (2.4.0)
    arel (6.0.4)
    ast (2.2.0)
    axiom-types (0.1.1)
      descendants_tracker (~> 0.0.4)
      ice_nine (~> 0.11.0)
      thread_safe (~> 0.3, >= 0.3.1)
    bson (4.0.1)
    builder (3.2.4)
    coercible (1.0.0)
      descendants_tracker (~> 0.0.1)
    concurrent-ruby (1.1.10)
    crack (0.4.3)
      safe_yaml (~> 1.0.0)
    crass (1.0.6)
    database_cleaner (1.5.1)
    declarative (0.0.10)
    declarative-option (0.1.0)
    descendants_tracker (0.0.4)
      thread_safe (~> 0.3, >= 0.3.1)
    diff-lcs (1.2.5)
    erubis (2.7.0)
    fabrication (2.14.1)
    faker (1.6.1)
      i18n (~> 0.5)
    faraday (0.9.2)
      multipart-post (>= 1.2, < 3)
    faraday-digestauth (0.2.1)
      faraday (~> 0.7)
      net-http-digest_auth (~> 1.4)
    faraday_hal_middleware (0.0.1)
      faraday_middleware (>= 0.9, < 0.10)
    faraday_middleware (0.9.2)
      faraday (>= 0.7.4, < 0.10)
    futuroscope (0.1.11)
    grape (0.14.0)
      activesupport
      builder
      hashie (>= 2.1.0)
      multi_json (>= 1.3.2)
      multi_xml (>= 0.5.2)
      rack (>= 1.3.0)
      rack-accept
      rack-mount
      virtus (>= 1.0.0)
    grape-entity (0.4.8)
      activesupport
      multi_json (>= 1.3.2)
    grape-roar (0.4.1)
      grape
      multi_json
      roar (~> 1.1.0)
    grape-swagger (0.10.4)
      grape (>= 0.8.0)
      grape-entity (< 0.5.0)
    hashdiff (0.2.3)
    hashie (5.0.0)
    hyperclient (0.7.2)
      faraday
      faraday-digestauth
      faraday_hal_middleware
      faraday_middleware
      futuroscope
      net-http-digest_auth
      uri_template
    i18n (0.9.5)
      concurrent-ruby (~> 1.0)
    ice_nine (0.11.2)
    instagram (1.1.6)
      faraday (>= 0.7, < 0.10)
      faraday_middleware (>= 0.8, < 0.10)
      hashie (>= 0.4.0)
      multi_json (~> 1.0, >= 1.0.3)
    json (1.8.6)
    kaminari (1.2.2)
      activesupport (>= 4.1.0)
      kaminari-actionview (= 1.2.2)
      kaminari-activerecord (= 1.2.2)
      kaminari-core (= 1.2.2)
    kaminari-actionview (1.2.2)
      actionview
      kaminari-core (= 1.2.2)
    kaminari-activerecord (1.2.2)
      activerecord
      kaminari-core (= 1.2.2)
    kaminari-core (1.2.2)
    loofah (2.21.1)
      crass (~> 1.0.2)
      nokogiri (>= 1.5.9)
    mini_portile2 (2.4.0)
    minitest (5.15.0)
    mongo (2.2.2)
      bson (~> 4.0)
    mongoid (5.1.0)
      activemodel (~> 4.0)
      mongo (~> 2.1)
      origin (~> 2.2)
      tzinfo (>= 0.3.37)
    mongoid-compatibility (0.3.1)
      activesupport
      mongoid (>= 2.0)
    mongoid-scroll (0.3.4)
      i18n
      mongoid (>= 3.0)
      mongoid-compatibility
    mongoid-tag-collectible (0.2.2)
      activesupport
      mongoid (>= 3.0.0)
    multi_json (1.15.0)
    multi_xml (0.6.0)
    multipart-post (2.0.0)
    net-http-digest_auth (1.4)
    nokogiri (1.9.1)
      mini_portile2 (~> 2.4.0)
    origin (2.2.0)
    parser (2.3.0.2)
      ast (~> 2.2)
    powerpack (0.1.1)
    rack (2.1.4.4)
    rack-accept (0.4.5)
      rack (>= 0.4)
    rack-console (1.3.1)
      rack (>= 1.1)
      rack-test
    rack-cors (2.0.1)
      rack (>= 2.0.0)
    rack-mount (0.8.3)
      rack (>= 1.0.0)
    rack-test (0.6.3)
      rack (>= 1.0)
    rails-deprecated_sanitizer (1.0.4)
      activesupport (>= 4.2.0.alpha)
    rails-dom-testing (1.0.9)
      activesupport (>= 4.2.0, < 5.0)
      nokogiri (~> 1.6)
      rails-deprecated_sanitizer (>= 1.0.1)
    rails-html-sanitizer (1.5.0)
      loofah (~> 2.19, >= 2.19.1)
    rainbow (2.1.0)
    rake (10.5.0)
    representable (3.0.4)
      declarative (< 0.1.0)
      declarative-option (< 0.2.0)
      uber (< 0.2.0)
    roar (1.1.1)
      representable (~> 3.0)
    rspec (3.4.0)
      rspec-core (~> 3.4.0)
      rspec-expectations (~> 3.4.0)
      rspec-mocks (~> 3.4.0)
    rspec-core (3.4.2)
      rspec-support (~> 3.4.0)
    rspec-expectations (3.4.0)
      diff-lcs (>= 1.2.0, < 2.0)
      rspec-support (~> 3.4.0)
    rspec-mocks (3.4.1)
      diff-lcs (>= 1.2.0, < 2.0)
      rspec-support (~> 3.4.0)
    rspec-support (3.4.1)
    rubocop (0.37.0)
      parser (>= 2.3.0.2, < 3.0)
      powerpack (~> 0.1)
      rainbow (>= 1.99.1, < 3.0)
      ruby-progressbar (~> 1.7)
      unicode-display_width (~> 0.3)
    ruby-progressbar (1.7.5)
    safe_yaml (1.0.4)
    thread_safe (0.3.6)
    tzinfo (1.2.11)
      thread_safe (~> 0.1)
    uber (0.1.0)
    unicode-display_width (0.3.1)
    uri_template (0.7.0)
    vcr (3.0.1)
    virtus (2.0.0)
      axiom-types (~> 0.1)
      coercible (~> 1.0)
      descendants_tracker (~> 0.0, >= 0.0.3)
    webmock (1.22.6)
      addressable (>= 2.3.6)
      crack (>= 0.3.2)
      hashdiff

PLATFORMS
  ruby

DEPENDENCIES
  activemodel
  database_cleaner
  fabrication
  faker
  grape
  grape-roar
  grape-swagger
  hyperclient
  instagram
  kaminari
  mongoid
  mongoid-scroll
  mongoid-tag-collectible
  rack-console
  rack-cors
  rack-test
  rake
  rspec
  rubocop
  vcr
  webmock

BUNDLED WITH
   1.11.2
